GEM
  remote: https://rubygems.org/
  specs:
    ast (2.4.2)
    base64 (0.2.0)
    bigdecimal (3.1.8)
    coderay (1.1.3)
    concurrent-ruby (1.3.4)
    daemons (1.4.1)
    date (3.4.1)
    diff-lcs (1.5.1)
    digest-crc (0.6.5)
      rake (>= 12.0.0, < 14.0.0)
    dotenv (3.1.7)
    eventmachine (1.2.7)
    faker (3.5.1)
      i18n (>= 1.8.11, < 2)
    ffi (1.17.1)
    i18n (1.14.6)
      concurrent-ruby (~> 1.0)
    json (2.9.0)
    language_server-protocol (3.17.0.3)
    listen (3.9.0)
      rb-fsevent (~> 0.10, >= 0.10.3)
      rb-inotify (~> 0.9, >= 0.9.10)
    logger (1.6.2)
    mail (2.8.1)
      mini_mime (>= 0.1.1)
      net-imap
      net-pop
      net-smtp
    method_source (1.1.0)
    mime-types (3.6.0)
      logger
      mime-types-data (~> 3.2015)
    mime-types-data (3.2024.1203)
    mini_mime (1.1.5)
    moneta (1.1.1)
    mustermann (3.0.3)
      ruby2_keywords (~> 0.0.1)
    mysql2 (0.5.6)
    net-imap (0.5.1)
      date
      net-protocol
    net-pop (0.1.2)
      net-protocol
    net-protocol (0.2.2)
      timeout
    net-smtp (0.5.0)
      net-protocol
    padrino (0.15.3)
      padrino-admin (= 0.15.3)
      padrino-cache (= 0.15.3)
      padrino-core (= 0.15.3)
      padrino-gen (= 0.15.3)
      padrino-helpers (= 0.15.3)
      padrino-mailer (= 0.15.3)
      padrino-support (= 0.15.3)
    padrino-admin (0.15.3)
      padrino-core (= 0.15.3)
      padrino-helpers (= 0.15.3)
    padrino-cache (0.15.3)
      moneta (~> 1.1.0)
      padrino-core (= 0.15.3)
      padrino-helpers (= 0.15.3)
    padrino-core (0.15.3)
      padrino-support (= 0.15.3)
      sinatra (>= 2.2.4)
      thor (~> 1.0)
    padrino-gen (0.15.3)
      bundler (>= 1.0, < 3)
      padrino-core (= 0.15.3)
    padrino-helpers (0.15.3)
      i18n (>= 0.6.7, < 2)
      padrino-support (= 0.15.3)
      tilt (>= 1.4.1, < 3)
    padrino-mailer (0.15.3)
      mail (~> 2.5)
      mime-types (< 4)
      padrino-core (= 0.15.3)
    padrino-support (0.15.3)
    parallel (1.26.3)
    parser (3.3.6.0)
      ast (~> 2.4.1)
      racc
    pry (0.15.0)
      coderay (~> 1.1)
      method_source (~> 1.0)
    racc (1.8.1)
    rack (2.2.10)
    rack-protection (3.2.0)
      base64 (>= 0.1.0)
      rack (~> 2.2, >= 2.2.4)
    rack-session (1.0.2)
      rack (< 3)
    rainbow (3.1.1)
    rake (13.2.1)
    rb-fsevent (0.11.2)
    rb-inotify (0.11.1)
      ffi (~> 1.0)
    regexp_parser (2.9.3)
    rerun (0.14.0)
      listen (~> 3.0)
    rspec (3.13.0)
      rspec-core (~> 3.13.0)
      rspec-expectations (~> 3.13.0)
      rspec-mocks (~> 3.13.0)
    rspec-core (3.13.2)
      rspec-support (~> 3.13.0)
    rspec-expectations (3.13.3)
      diff-lcs (>= 1.2.0, < 2.0)
      rspec-support (~> 3.13.0)
    rspec-mocks (3.13.2)
      diff-lcs (>= 1.2.0, < 2.0)
      rspec-support (~> 3.13.0)
    rspec-support (3.13.2)
    rubocop (1.69.1)
      json (~> 2.3)
      language_server-protocol (>= 3.17.0)
      parallel (~> 1.10)
      parser (>= 3.3.0.2)
      rainbow (>= 2.2.2, < 4.0)
      regexp_parser (>= 2.9.3, < 3.0)
      rubocop-ast (>= 1.36.2, < 2.0)
      ruby-progressbar (~> 1.7)
      unicode-display_width (>= 2.4.0, < 4.0)
    rubocop-ast (1.36.2)
      parser (>= 3.3.1.0)
    ruby-kafka (1.5.0)
      digest-crc
    ruby-progressbar (1.13.0)
    ruby2_keywords (0.0.5)
    sequel (5.87.0)
      bigdecimal
    sinatra (3.2.0)
      mustermann (~> 3.0)
      rack (~> 2.2, >= 2.2.4)
      rack-protection (= 3.2.0)
      tilt (~> 2.0)
    thin (1.8.2)
      daemons (~> 1.0, >= 1.0.9)
      eventmachine (~> 1.0, >= 1.0.4)
      rack (>= 1, < 3)
    thor (1.3.2)
    tilt (2.4.0)
    timeout (0.4.2)
    unicode-display_width (3.1.2)
      unicode-emoji (~> 4.0, >= 4.0.4)
    unicode-emoji (4.0.4)

PLATFORMS
  ruby
  x86_64-linux

DEPENDENCIES
  dotenv
  faker
  mysql2
  padrino
  pry
  rack
  rack-protection
  rack-session
  rake
  rerun
  rspec
  rubocop
  ruby-kafka
  sequel
  thin

RUBY VERSION
   ruby 3.1.0p0

BUNDLED WITH
   2.5.23
